GEM
  remote: https://rubygems.org/
  specs:
    mini_portile2 (2.0.0)
    minitest (5.8.4)
    nokogiri (1.6.7.2)
      mini_portile2 (~> 2.0.0.rc2)
    rake (10.5.0)
    xml-simple (1.1.5)

PLATFORMS
  ruby

DEPENDENCIES
  minitest
  nokogiri
  rake
  xml-simple
