GEM
  remote: https://rubygems.org/
  specs:
    childprocess (0.5.6)
      ffi (~> 1.0, >= 1.0.11)
    erubis (2.7.0)
    faraday (0.9.2)
      multipart-post (>= 1.2, < 3)
    faraday_middleware (0.10.0)
      faraday (>= 0.7.4, < 0.10)
    ffi (1.9.10)
    i18n (0.7.0)
    json (1.8.1)
    librarian-puppet (2.2.3)
      librarianp (>= 0.6.3)
      puppet_forge (~> 2.1)
      rsync
    librarianp (0.6.3)
      thor (~> 0.15)
    listen (3.0.3)
      rb-fsevent (>= 0.9.3)
      rb-inotify (>= 0.9)
    log4r (1.1.10)
    mime-types (1.25.1)
    mini_portile2 (2.0.0)
    minitar (0.5.4)
    minitest (5.8.4)
    multipart-post (2.0.0)
    net-scp (1.1.2)
      net-ssh (>= 2.6.5)
    net-sftp (2.1.2)
      net-ssh (>= 2.6.5)
    net-ssh (3.0.1)
    netrc (0.10.3)
    nokogiri (1.6.7.2)
      mini_portile2 (~> 2.0.0.rc2)
    puppet_forge (2.2.1)
      faraday (~> 0.9.0)
      faraday_middleware (>= 0.9.0, < 0.11.0)
      minitar
      semantic_puppet (~> 0.1.0)
    rake (10.5.0)
    rb-fsevent (0.9.6)
    rb-inotify (0.9.5)
      ffi (>= 0.5.0)
    rdoc (4.2.2)
      json (~> 1.4)
    rest-client (1.7.3)
      mime-types (>= 1.16, < 3.0)
      netrc (~> 0.7)
    rsync (1.0.9)
    semantic_puppet (0.1.3)
    thor (0.19.1)
    vagrant (1.8.1)
      bundler
      childprocess
      erubis
      i18n
      listen
      log4r
      net-scp
      net-sftp
      net-ssh
      nokogiri
      rest-client (>= 1.6.0, < 2.0)
    yard (0.8.7.6)

PLATFORMS
  ruby

DEPENDENCIES
  librarian-puppet
  minitest
  nokogiri
  rake
  rdoc
  vagrant
  yard

BUNDLED WITH
   1.11.2
